GEM
  remote: http://rubygems.org/
  specs:
    gnuplot (2.3.4)

PLATFORMS
  ruby

DEPENDENCIES
  gnuplot
